GEM
  remote: https://rubygems.org/
  specs:
    addressable (2.8.0)
      public_suffix (>= 2.0.2, < 5.0)
    buildkit (1.4.1)
      sawyer (~> 0.6)
    capybara (3.37.1)
      addressable
      matrix
      mini_mime (>= 0.1.3)
      nokogiri (~> 1.8)
      rack (>= 1.6.0)
      rack-test (>= 0.6.3)
      regexp_parser (>= 1.5, < 3.0)
      xpath (~> 3.2)
    chartkick (4.2.1)
    codecov (0.2.12)
      json
      simplecov
    diff-lcs (1.5.0)
    docile (1.3.2)
    faraday (1.0.1)
      multipart-post (>= 1.2, < 3)
    httparty (0.21.0)
      mini_mime (>= 1.0.0)
      multi_xml (>= 0.5.2)
    json (2.3.1)
    matrix (0.4.2)
    mini_mime (1.0.2)
    mini_portile2 (2.8.1)
    multi_xml (0.6.0)
    multipart-post (2.1.1)
    mustermann (2.0.2)
      ruby2_keywords (~> 0.0.1)
    nokogiri (1.14.2)
      mini_portile2 (~> 2.8.0)
      racc (~> 1.4)
    pg (1.2.3)
    public_suffix (4.0.6)
    racc (1.6.2)
    rack (2.2.6.2)
    rack-protection (2.2.3)
      rack
    rack-test (2.0.2)
      rack (>= 1.3)
    rake (13.0.1)
    regexp_parser (2.6.0)
    rspec (3.9.0)
      rspec-core (~> 3.9.0)
      rspec-expectations (~> 3.9.0)
      rspec-mocks (~> 3.9.0)
    rspec-core (3.9.1)
      rspec-support (~> 3.9.1)
    rspec-expectations (3.9.4)
      diff-lcs (>= 1.2.0, < 2.0)
      rspec-support (~> 3.9.0)
    rspec-mocks (3.9.1)
      diff-lcs (>= 1.2.0, < 2.0)
      rspec-support (~> 3.9.0)
    rspec-support (3.9.2)
    ruby2_keywords (0.0.5)
    sawyer (0.8.2)
      addressable (>= 2.3.5)
      faraday (> 0.8, < 2.0)
    sequel (5.61.0)
    simplecov (0.21.2)
      docile (~> 1.1)
      simplecov-html (~> 0.11)
      simplecov_json_formatter (~> 0.1)
    simplecov-html (0.12.3)
    simplecov_json_formatter (0.1.4)
    sinatra (2.2.3)
      mustermann (~> 2.0)
      rack (~> 2.2)
      rack-protection (= 2.2.3)
      tilt (~> 2.0)
    sqlite3 (1.5.3)
      mini_portile2 (~> 2.8.0)
    tilt (2.1.0)
    xpath (3.2.0)
      nokogiri (~> 1.8)

PLATFORMS
  ruby

DEPENDENCIES
  buildkit
  capybara
  chartkick
  codecov (~> 0.2.8)
  httparty
  pg
  rack-test
  rake
  rspec
  sequel
  simplecov
  sinatra
  sqlite3

BUNDLED WITH
   2.1.4
